GEM
  remote: https://rubygems.org/
  specs:
    minitest (5.7.0)
    rake (10.4.2)
    redcarpet (3.3.2)

PLATFORMS
  ruby

DEPENDENCIES
  minitest
  rake
  redcarpet
